PATH
  remote: .
  specs:
    chess (0.3.2)

GEM
  remote: http://rubygems.org/
  specs:
    ast (2.4.2)
    byebug (11.1.3)
    codecov (0.4.2)
      simplecov (>= 0.15, < 0.22)
    docile (1.3.5)
    minitest (5.14.3)
    parallel (1.20.1)
    parser (3.0.0.0)
      ast (~> 2.4.1)
    rainbow (3.0.0)
    rake (13.0.3)
    regexp_parser (2.0.3)
    rexml (3.2.4)
    rubocop (1.8.1)
      parallel (~> 1.10)
      parser (>= 3.0.0.0)
      rainbow (>= 2.2.2, < 4.0)
      regexp_parser (>= 1.8, < 3.0)
      rexml
      rubocop-ast (>= 1.2.0, < 2.0)
      ruby-progressbar (~> 1.7)
      unicode-display_width (>= 1.4.0, < 3.0)
    rubocop-ast (1.4.1)
      parser (>= 2.7.1.5)
    rubocop-minitest (0.10.3)
      rubocop (>= 0.87, < 2.0)
    rubocop-performance (1.9.2)
      rubocop (>= 0.90.0, < 2.0)
      rubocop-ast (>= 0.4.0)
    rubocop-rake (0.5.1)
      rubocop
    ruby-progressbar (1.11.0)
    simplecov (0.21.2)
      docile (~> 1.1)
      simplecov-html (~> 0.11)
      simplecov_json_formatter (~> 0.1)
    simplecov-html (0.12.3)
    simplecov_json_formatter (0.1.2)
    unicode-display_width (2.0.0)
    yard (0.9.26)

PLATFORMS
  ruby
  x86_64-darwin-18
  x86_64-darwin-19

DEPENDENCIES
  bundler (~> 2)
  byebug (~> 11)
  chess!
  codecov (~> 0.4)
  minitest (~> 5)
  rake (~> 13)
  rubocop (~> 1)
  rubocop-minitest (~> 0.10)
  rubocop-performance (~> 1)
  rubocop-rake (~> 0.5)
  simplecov (~> 0.21)
  yard (~> 0.9)

BUNDLED WITH
   2.2.7
